GEM
  remote: http://gems.github.com/
  remote: http://rubygems.org/
  specs:
    actionmailer (2.3.5)
      actionpack (= 2.3.5)
    actionpack (2.3.5)
      activesupport (= 2.3.5)
      rack (~> 1.0.0)
    activerecord (2.3.5)
      activesupport (= 2.3.5)
    activerecord-jdbc-adapter (1.0.0.kofnopre1-java)
    activerecord-jdbcpostgresql-adapter (1.0.0.kofnopre1-java)
      activerecord-jdbc-adapter (= 1.0.0.kofnopre1)
      jdbc-postgres (>= 8.4.701)
    activeresource (2.3.5)
      activesupport (= 2.3.5)
    activesupport (2.3.5)
    bouncy-castle-java (1.5.0145.2)
    builder (2.1.2)
    cgi_multipart_eof_fix (2.5.0)
    ci_reporter (1.6.2)
      builder (>= 2.1.2)
    cucumber (0.6.3)
      builder (>= 2.1.2)
      diff-lcs (>= 1.1.2)
      json_pure (>= 1.2.0)
      polyglot (>= 0.2.9)
      term-ansicolor (>= 1.0.4)
      treetop (>= 1.4.2)
    cucumber-rails (0.3.0)
      cucumber (>= 0.6.2)
    daemons (1.1.0)
    database_cleaner (0.5.2)
    diff-lcs (1.1.2)
    factory_girl (1.3.2)
    faker (0.3.1)
    fastthread (1.0.7)
    gem_plugin (0.2.3)
    haml (2.0.7)
    hirb (0.3.4)
    jasmine (1.0.1.1)
      json_pure (>= 1.4.3)
      rack (>= 1.0.0)
      rake (>= 0.8.7)
      rspec (>= 1.1.5)
      selenium-client (>= 1.2.17)
      selenium-rc (>= 2.1.0)
    jdbc-postgres (8.4.701-java)
    jruby-jars (1.5.2)
    jruby-openssl (0.7.2)
      bouncy-castle-java
    jruby-rack (1.0.3)
    json_pure (1.4.6)
    little-plugger (1.1.2)
    logging (1.4.3)
      little-plugger (>= 1.1.2)
    mechanize (1.0.0)
      nokogiri (>= 1.2.1)
    mislav-will_paginate (2.3.11)
    mocha (0.9.8)
      rake
    mongrel (1.1.5)
      cgi_multipart_eof_fix (>= 2.4)
      daemons (>= 1.0.3)
      fastthread (>= 1.0.1)
      gem_plugin (>= 0.2.3)
    mongrel (1.1.5-java)
      gem_plugin (>= 0.2.3)
    nokogiri (1.4.3.1)
    nokogiri (1.4.3.1-java)
      weakling (>= 0.0.3)
    pg (0.9.0)
    polyglot (0.3.1)
    rack (1.0.1)
    rack-test (0.5.6)
      rack (>= 1.0)
    rails (2.3.5)
      actionmailer (= 2.3.5)
      actionpack (= 2.3.5)
      activerecord (= 2.3.5)
      activeresource (= 2.3.5)
      activesupport (= 2.3.5)
      rake (>= 0.8.3)
    rails_inheritable_attributes_manager (0.3.1)
    rake (0.8.7)
    rest-open-uri (1.0.0)
    rspec (1.3.0)
    rspec-rails (1.3.2)
      rack (>= 1.0.0)
      rspec (>= 1.3.0)
    ruby-hl7 (1.0.2)
      rake (>= 0.8.7)
      rubyforge (>= 2.0.4)
    rubyforge (2.0.4)
      json_pure (>= 1.1.7)
    rubyzip (0.9.4)
    selenium-client (1.2.18)
    selenium-rc (2.2.4)
      selenium-client (>= 1.2.18)
    term-ansicolor (1.0.5)
    treetop (1.4.8)
      polyglot (>= 0.3.1)
    unicorn (1.1.3)
      rack
    validates_timeliness (2.3.1)
    warbler (1.2.1)
      jruby-jars (>= 1.4.0)
      jruby-rack (>= 1.0.0)
      rake (>= 0.8.7)
      rubyzip (>= 0.9.4)
    weakling (0.0.4-java)
    webrat (0.7.2.pre)
      nokogiri (>= 1.2.0)
      rack (>= 1.0)
      rack-test (>= 0.5.3)
    wirble (0.1.3)

PLATFORMS
  java
  ruby

DEPENDENCIES
  activerecord-jdbcpostgresql-adapter (= 1.0.0.kofnopre1)
  ci_reporter
  cucumber (= 0.6.3)
  cucumber-rails (= 0.3.0)
  database_cleaner
  factory_girl
  faker
  haml (= 2.0.7)
  hirb
  jasmine
  jruby-openssl (= 0.7.2)
  logging
  mechanize
  mislav-will_paginate
  mocha
  mongrel
  pg
  rails (= 2.3.5)
  rails_inheritable_attributes_manager
  rest-open-uri
  rspec-rails
  ruby-hl7 (>= 1.0.2)
  rubyzip
  selenium-client
  unicorn
  validates_timeliness (>= 2.2.2)
  warbler
  webrat (= 0.7.2.pre)
  wirble
