GEM
  remote: http://gems.github.com/
  remote: http://rubygems.org/
  specs:
    SystemTimer (1.2.3)
    actionmailer (2.3.5)
      actionpack (= 2.3.5)
    actionpack (2.3.5)
      activesupport (= 2.3.5)
      rack (~> 1.0.0)
    activerecord (2.3.5)
      activesupport (= 2.3.5)
    activerecord-jdbc-adapter (1.0.0.kofnopre1-java)
    activerecord-jdbcpostgresql-adapter (1.0.0.kofnopre1-java)
      activerecord-jdbc-adapter (= 1.0.0.kofnopre1)
      jdbc-postgres (>= 8.4.701)
    activeresource (2.3.5)
      activesupport (= 2.3.5)
    activesupport (2.3.5)
    bouncy-castle-java (1.5.0145.2)
    builder (2.1.2)
    capistrano (2.5.19)
      highline
      net-scp (>= 1.0.0)
      net-sftp (>= 2.0.0)
      net-ssh (>= 2.0.14)
      net-ssh-gateway (>= 1.0.0)
    capistrano-ext (1.2.1)
      capistrano (>= 1.0.0)
    cgi_multipart_eof_fix (2.5.0)
    ci_reporter (1.6.2)
      builder (>= 2.1.2)
    columnize (0.3.6)
    cucumber (0.6.3)
      builder (>= 2.1.2)
      diff-lcs (>= 1.1.2)
      json_pure (>= 1.2.0)
      polyglot (>= 0.2.9)
      term-ansicolor (>= 1.0.4)
      treetop (>= 1.4.2)
    cucumber-rails (0.3.0)
      cucumber (>= 0.6.2)
    daemons (1.0.10)
    database_cleaner (0.5.2)
    delayed_job (2.0.7)
      activesupport (~> 2.0)
      daemons (= 1.0.10)
    diff-lcs (1.1.2)
    factory_girl (1.3.2)
    faker (0.3.1)
    fastthread (1.0.7)
    gem_plugin (0.2.3)
    haml (2.0.7)
    highline (1.6.1)
    hirb (0.3.4)
    jdbc-postgres (8.4.701-java)
    jruby-jars (1.5.2)
    jruby-openssl (0.7.2)
      bouncy-castle-java
    jruby-rack (1.0.3)
    json_pure (1.4.6)
    linecache (0.46)
      rbx-require-relative (> 0.0.4)
    little-plugger (1.1.2)
    logging (1.4.3)
      little-plugger (>= 1.1.2)
    mechanize (1.0.0)
      nokogiri (>= 1.2.1)
    mislav-will_paginate (2.3.11)
    mocha (0.9.8)
      rake
    mongrel (1.1.5)
      cgi_multipart_eof_fix (>= 2.4)
      daemons (>= 1.0.3)
      fastthread (>= 1.0.1)
      gem_plugin (>= 0.2.3)
    mongrel (1.1.5-java)
      gem_plugin (>= 0.2.3)
    net-scp (1.0.4)
      net-ssh (>= 1.99.1)
    net-sftp (2.0.5)
      net-ssh (>= 2.0.9)
    net-ssh (2.0.23)
    net-ssh-gateway (1.0.1)
      net-ssh (>= 1.99.1)
    nokogiri (1.4.3.1)
    nokogiri (1.4.3.1-java)
      weakling (>= 0.0.3)
    pg (0.12.2)
    polyglot (0.3.1)
    rack (1.0.1)
    rack-test (0.5.6)
      rack (>= 1.0)
    rails (2.3.5)
      actionmailer (= 2.3.5)
      actionpack (= 2.3.5)
      activerecord (= 2.3.5)
      activeresource (= 2.3.5)
      activesupport (= 2.3.5)
      rake (>= 0.8.3)
    rails-footnotes (3.6.7)
    rails_inheritable_attributes_manager (0.3.1)
    rake (0.8.7)
    rbx-require-relative (0.0.5)
    redis (2.2.2)
    redis-store (1.0.0.beta2)
      redis (>= 2.0.0)
    rest-open-uri (1.0.0)
    rspec (1.3.0)
    rspec-rails (1.3.2)
      rack (>= 1.0.0)
      rspec (>= 1.3.0)
    ruby-debug (0.10.4)
      columnize (>= 0.1)
      ruby-debug-base (~> 0.10.4.0)
    ruby-debug-base (0.10.4)
      linecache (>= 0.3)
    ruby-debug-base (0.10.4-java)
    ruby-hl7 (1.0.3)
      rake (>= 0.8.7)
      rubyforge (>= 2.0.4)
    rubyforge (2.0.4)
      json_pure (>= 1.1.7)
    rubyzip (0.9.4)
    selenium-client (1.2.18)
    sparrowhawk (0.9.5)
      bundler (>= 1.0.6)
      jruby-jars
      jruby-rack
      rubyzip
    term-ansicolor (1.0.5)
    treetop (1.4.8)
      polyglot (>= 0.3.1)
    unicorn (1.1.3)
      rack
    validates_timeliness (2.3.1)
    watchr (0.7)
    weakling (0.0.4-java)
    webrat (0.7.2.pre)
      nokogiri (>= 1.2.0)
      rack (>= 1.0)
      rack-test (>= 0.5.3)

PLATFORMS
  java
  ruby

DEPENDENCIES
  SystemTimer
  activerecord-jdbcpostgresql-adapter (= 1.0.0.kofnopre1)
  capistrano
  capistrano-ext
  ci_reporter
  cucumber (= 0.6.3)
  cucumber-rails (= 0.3.0)
  database_cleaner
  delayed_job (~> 2.0.7)
  factory_girl
  faker
  haml (= 2.0.7)
  hirb
  jruby-openssl (= 0.7.2)
  logging
  mechanize
  mislav-will_paginate
  mocha
  mongrel
  pg
  rails (= 2.3.5)
  rails-footnotes (< 3.7.0)
  rails_inheritable_attributes_manager
  rake (= 0.8.7)
  redis-store (= 1.0.0.beta2)
  rest-open-uri
  rspec-rails
  ruby-debug
  ruby-hl7 (= 1.0.3)
  rubyzip
  selenium-client
  sparrowhawk (= 0.9.5)
  unicorn
  validates_timeliness (>= 2.2.2)
  watchr
  webrat (= 0.7.2.pre)
